PATH
  remote: .
  specs:
    ruby-gem-simple-vuln (0.1.0)
      nokogiri (= 1.5.4)

GEM
  remote: https://rubygems.org/
  specs:
    nokogiri (1.5.4)
    rake (11.2.2)

PLATFORMS
  ruby

DEPENDENCIES
  bundler (~> 1.13)
  rake (~> 11.2)
  ruby-gem-simple-vuln!

BUNDLED WITH
   1.13.7
